PATH
  remote: .
  specs:
    biotcm (0.6.1)

GEM
  remote: https://rubygems.org/
  specs:
    ansi (1.5.0)
    ast (2.2.0)
    builder (3.2.2)
    minitest (5.8.4)
    minitest-reporters (1.1.8)
      ansi
      builder
      minitest (>= 5.0)
      ruby-progressbar
    parser (2.3.0.7)
      ast (~> 2.2)
    powerpack (0.1.1)
    rainbow (2.1.0)
    rake (10.5.0)
    rubocop (0.39.0)
      parser (>= 2.3.0.7, < 3.0)
      powerpack (~> 0.1)
      rainbow (>= 1.99.1, < 3.0)
      ruby-progressbar (~> 1.7)
      unicode-display_width (~> 1.0, >= 1.0.1)
    ruby-progressbar (1.7.5)
    unicode-display_width (1.0.3)
    yard (0.8.7.6)

PLATFORMS
  ruby

DEPENDENCIES
  biotcm!
  bundler (~> 1.7)
  minitest (~> 5.0)
  minitest-reporters (~> 1.0)
  rake (~> 10.0)
  rubocop
  yard (~> 0.8)

BUNDLED WITH
   1.11.2
