PATH
  remote: .
  specs:
    biotcm (0.9.1)

GEM
  remote: https://rubygems.org/
  specs:
    ansi (1.5.0)
    ast (2.3.0)
    builder (3.2.2)
    minitest (5.9.0)
    minitest-reporters (1.1.11)
      ansi
      builder
      minitest (>= 5.0)
      ruby-progressbar
    parser (2.3.1.2)
      ast (~> 2.2)
    powerpack (0.1.1)
    rainbow (2.1.0)
    rake (11.2.2)
    rubocop (0.42.0)
      parser (>= 2.3.1.1, < 3.0)
      powerpack (~> 0.1)
      rainbow (>= 1.99.1, < 3.0)
      ruby-progressbar (~> 1.7)
      unicode-display_width (~> 1.0, >= 1.0.1)
    ruby-progressbar (1.8.1)
    unicode-display_width (1.1.0)
    yard (0.9.5)

PLATFORMS
  ruby

DEPENDENCIES
  biotcm!
  bundler (~> 1.7)
  minitest (~> 5.0)
  minitest-reporters (~> 1.0)
  rake (~> 11.0)
  rubocop
  yard (~> 0.8)

BUNDLED WITH
   1.12.5
