GEM
  remote: https://rubygems.org/
  specs:
    minitest (5.4.3)
    yard (0.8.7.6)

PLATFORMS
  ruby

DEPENDENCIES
  minitest
  yard
